GEM
  remote: https://rubygems.org/
  specs:
    rake (0.9.2.2)
    ruby-ole (1.2.11.8)
    vpim (13.11.11)

PLATFORMS
  ruby

DEPENDENCIES
  rake
  ruby-ole (>= 1.2.8)
  vpim (>= 0.360)
